GEM
  remote: http://rubygems.org/
  specs:
    ZenTest (4.5.0)
    activesupport (3.0.7)
    autotest (4.4.6)
      ZenTest (>= 4.4.1)
    diff-lcs (1.1.2)
    git (1.2.5)
    i18n (0.5.0)
    jeweler (1.6.0)
      bundler (~> 1.0.0)
      git (>= 1.2.5)
      rake
    mime-types (1.16)
    mustache (0.99.4)
    rake (0.9.0)
    rcov (0.9.9)
    rdiscount (1.6.8)
    rocco (0.7)
      mustache
      rdiscount
    rspec (2.6.0)
      rspec-core (~> 2.6.0)
      rspec-expectations (~> 2.6.0)
      rspec-mocks (~> 2.6.0)
    rspec-core (2.6.3)
    rspec-expectations (2.6.0)
      diff-lcs (~> 1.1.2)
    rspec-mocks (2.6.0)
    typhoeus (0.2.4)
      mime-types
      mime-types
    yajl-ruby (0.8.2)
    yard (0.6.8)

PLATFORMS
  ruby

DEPENDENCIES
  activesupport (~> 3.0.7)
  autotest (= 4.4.6)
  bundler (= 1.0.14)
  i18n (~> 0.5.0)
  jeweler (= 1.6.0)
  rcov (= 0.9.9)
  rocco (= 0.7.0)
  rspec (= 2.6.0)
  typhoeus (~> 0.2.4)
  yajl-ruby (~> 0.8.2)
  yard (= 0.6.8)
